GEM
  remote: https://rubygems.org/
  specs:
    ffi (1.9.18)
    glosbe (0.0.10)
      htmlentities (= 4.3.2)
      httparty (= 0.13.1)
    htmlentities (4.3.2)
    httparty (0.13.1)
      json (~> 1.8)
      multi_xml (>= 0.5.2)
    json (1.8.6)
    multi_xml (0.6.0)
    natto (1.1.1)
      ffi (>= 1.9.0)
    rack (1.6.5)
    rack-protection (1.5.3)
      rack
    sinatra (1.4.8)
      rack (~> 1.5)
      rack-protection (~> 1.4)
      tilt (>= 1.3, < 3)
    tilt (2.0.7)

PLATFORMS
  ruby

DEPENDENCIES
  glosbe (~> 0.0.9)
  natto
  sinatra

BUNDLED WITH
   1.11.2
