GEM
  remote: https://rubygems.org/
  specs:
    ffi (1.13.1)
    glosbe (0.0.10)
      htmlentities (= 4.3.2)
      httparty (= 0.13.1)
    htmlentities (4.3.2)
    httparty (0.13.1)
      json (~> 1.8)
      multi_xml (>= 0.5.2)
    json (1.8.6)
    multi_xml (0.6.0)
    mustermann (1.1.1)
      ruby2_keywords (~> 0.0.1)
    natto (1.1.1)
      ffi (>= 1.9.0)
    rack (2.2.3)
    rack-protection (2.2.0)
      rack
    ruby2_keywords (0.0.5)
    sinatra (2.2.0)
      mustermann (~> 1.0)
      rack (~> 2.2)
      rack-protection (= 2.2.0)
      tilt (~> 2.0)
    tilt (2.0.10)

PLATFORMS
  ruby

DEPENDENCIES
  glosbe (~> 0.0.9)
  natto
  sinatra

BUNDLED WITH
   1.11.2
